GEM
  remote: https://rubygems.org/
  specs:
    awesome_print (1.1.0)
    interactive_editor (0.0.10)
      spoon (>= 0.0.1)
    lunchy (0.6.0)
    powder (0.1.8)
      thor (>= 0.11.5)
    rb-fsevent (0.9.2)
    spoon (0.0.1)
    thor (0.16.0)

PLATFORMS
  ruby

DEPENDENCIES
  awesome_print
  interactive_editor
  lunchy
  powder
  rb-fsevent
